GEM
  remote: https://rubygems.org/
  specs:
    crxmake (2.2.0)
      rubyzip (~> 1.1.0)
    rake (11.3.0)
    rubyzip (1.1.7)

PLATFORMS
  ruby

DEPENDENCIES
  crxmake
  rake

BUNDLED WITH
   1.13.2
